GEM
  remote: https://rubygems.org/
  specs:
    activemodel (3.1.12)
      activesupport (= 3.1.12)
      builder (~> 3.0.0)
      i18n (~> 0.6)
    activerecord (3.1.12)
      activemodel (= 3.1.12)
      activesupport (= 3.1.12)
      arel (~> 2.2.3)
      tzinfo (~> 0.3.29)
    activesupport (3.1.12)
      multi_json (~> 1.0)
    arel (2.2.3)
    builder (3.0.4)
    concurrent-ruby (1.1.3)
    i18n (0.9.5)
      concurrent-ruby (~> 1.0)
    multi_json (1.13.1)
    tzinfo (0.3.55)

PLATFORMS
  ruby

DEPENDENCIES
  activerecord (~> 3.1.0)

BUNDLED WITH
   1.16.6
